GEM
  remote: http://rubygems.org/
  specs:
    classifier (1.3.3)
      fast-stemmer (>= 1.0.0)
    fast-stemmer (1.0.0)
    madeleine (0.7.3)

PLATFORMS
  ruby

DEPENDENCIES
  classifier
  madeleine
